GEM
  remote: https://rubygems.org/
  specs:
    minitest (5.2.1)
    polyglot (0.3.3)
    treetop (1.4.15)
      polyglot
      polyglot (>= 0.3.1)

PLATFORMS
  ruby

DEPENDENCIES
  minitest
  polyglot
  treetop
